GEM
  remote: http://rubygems.org/
  specs:
    pkg-config (1.5.9)
    rmagick (5.3.0)
      pkg-config (~> 1.4)

PLATFORMS
  ruby

DEPENDENCIES
  rmagick

BUNDLED WITH
   2.2.18
